GEM
  remote: https://rubygems.org/
  specs:
    rake (10.3.1)
    thor (0.19.1)

PLATFORMS
  ruby

DEPENDENCIES
  rake
  thor
